GEM
  remote: http://rubygems.org/
  specs:
    diff-lcs (1.1.3)
    fuubar (0.0.6)
      rspec (~> 2.0)
      rspec-instafail (~> 0.1.8)
      ruby-progressbar (~> 0.0.10)
    guard (0.7.0)
      thor (~> 0.14.6)
    guard-bundler (0.1.3)
      bundler (>= 1.0.0)
      guard (>= 0.2.2)
    guard-rspec (0.4.5)
      guard (>= 0.4.0)
    lstrip-on-steroids (1.0.0)
    rake (0.9.2)
    rgl (0.4.0)
      rake
      stream (>= 0.5)
    rspec (2.6.0)
      rspec-core (~> 2.6.0)
      rspec-expectations (~> 2.6.0)
      rspec-mocks (~> 2.6.0)
    rspec-core (2.6.4)
    rspec-expectations (2.6.0)
      diff-lcs (~> 1.1.2)
    rspec-instafail (0.1.8)
    rspec-mocks (2.6.0)
    ruby-progressbar (0.0.10)
    stream (0.5)
    thor (0.14.6)

PLATFORMS
  ruby

DEPENDENCIES
  fuubar
  guard
  guard-bundler
  guard-rspec
  lstrip-on-steroids
  rgl
  rspec
